PATH
  remote: .
  specs:
    zeployment (0.1.1)

GEM
  remote: https://rubygems.org/
  specs:
    json (2.0.4)
    rake (10.5.0)

PLATFORMS
  ruby

DEPENDENCIES
  bundler (~> 1.16)
  json
  rake (~> 10.0)
  zeployment!

BUNDLED WITH
   1.16.2
